PATH
  remote: .
  specs:
    mailjet (0.0.1)

GEM
  remote: http://rubygems.org/
  specs:
    minitest (2.11.3)
    rake (0.9.2.2)

PLATFORMS
  ruby

DEPENDENCIES
  mailjet!
  minitest
  rake
